PATH
  remote: .
  specs:
    kanmon (0.2.0)
      thor (>= 0.20.0)
      yao (>= 0.4.1)

GEM
  remote: https://rubygems.org/
  specs:
    diff-lcs (1.3)
    faraday (0.12.2)
      multipart-post (>= 1.2, < 3)
    faraday_middleware (0.12.2)
      faraday (>= 0.7.4, < 1.0)
    json (2.1.0)
    multipart-post (2.0.0)
    rake (10.5.0)
    rspec (3.7.0)
      rspec-core (~> 3.7.0)
      rspec-expectations (~> 3.7.0)
      rspec-mocks (~> 3.7.0)
    rspec-core (3.7.1)
      rspec-support (~> 3.7.0)
    rspec-expectations (3.7.0)
      diff-lcs (>= 1.2.0, < 2.0)
      rspec-support (~> 3.7.0)
    rspec-mocks (3.7.0)
      diff-lcs (>= 1.2.0, < 2.0)
      rspec-support (~> 3.7.0)
    rspec-support (3.7.1)
    thor (0.20.0)
    yao (0.4.1)
      faraday (~> 0.12.0)
      faraday_middleware
      json

PLATFORMS
  ruby

DEPENDENCIES
  bundler (~> 1.16)
  kanmon!
  rake (~> 10.0)
  rspec (~> 3.0)

BUNDLED WITH
   1.16.1
